GEM
  remote: https://rubygems.org/
  specs:
    haml (4.0.5)
      tilt
    rack (1.5.2)
    sinatra (1.1.0)
      rack (~> 1.1)
      tilt (~> 1.1)
    sinatra-partial (0.4.0)
      sinatra
    tilt (1.3.7)

PLATFORMS
  ruby

DEPENDENCIES
  haml
  sinatra (= 1.1.0)
  sinatra-partial
